GEM
  remote: https://rubygems.org/
  specs:
    dotenv (0.10.0)
    faraday (0.9.0)
      multipart-post (>= 1.2, < 3)
    foreman (0.63.0)
      dotenv (>= 0.7)
      thor (>= 0.13.6)
    gems (0.8.3)
    http_router (0.11.1)
      rack (>= 1.0.0)
      url_mount (~> 0.2.1)
    i18n (0.6.9)
    ice_nine (0.11.0)
    lita (3.0.3)
      bundler (>= 1.3)
      faraday (>= 0.8.7)
      http_router (>= 0.11.1)
      i18n (>= 0.6.9)
      ice_nine (>= 0.11.0)
      multi_json (>= 1.7.7)
      puma (>= 2.7.1)
      rack (>= 1.5.2)
      redis-namespace (>= 1.3.0)
      thor (>= 0.18.1)
    lita-console (0.0.4)
      lita (>= 2.2)
    lita-excuses (0.0.6)
      lita (>= 2.2)
      nokogiri
    lita-gems (1.1.0)
      gems (>= 0.8.0)
      lita (>= 2.6)
    lita-github-commits (0.0.3)
      lita (>= 2.3)
    lita-google (0.0.4)
      lita (>= 2.6)
    lita-google-images (1.0.4)
      lita (>= 2.0)
    lita-jenkins (0.0.2)
      lita (>= 3.0)
    lita-memegen (1.0.4)
      lita (>= 2.0)
    mini_portile (0.5.2)
    multi_json (1.9.0)
    multipart-post (2.0.0)
    nokogiri (1.6.1)
      mini_portile (~> 0.5.0)
    puma (2.8.1)
      rack (>= 1.1, < 2.0)
    rack (1.5.2)
    redis (3.0.7)
    redis-namespace (1.4.1)
      redis (~> 3.0.4)
    thor (0.18.1)
    url_mount (0.2.1)
      rack

PLATFORMS
  ruby

DEPENDENCIES
  foreman
  lita (~> 3.0.3)
  lita-console
  lita-excuses
  lita-gems
  lita-github-commits
  lita-google
  lita-google-images
  lita-jenkins
  lita-memegen
